GEM
  remote: https://rubygems.org/
  specs:
    hike (1.2.1)
    rack (1.4.1)
    sprockets (2.1.3)
      hike (~> 1.2)
      rack (~> 1.0)
      tilt (~> 1.1, != 1.3.0)
    tilt (1.3.3)

PLATFORMS
  ruby

DEPENDENCIES
  rack
  sprockets
